GEM
  remote: https://gems.xing.com/
  specs:
    addressable (2.6.0)
      public_suffix (>= 2.0.2, < 4.0)
    cookiejar (0.3.3)
    domain_name (0.5.20180417)
      unf (>= 0.0.5, < 1.0.0)
    em-http-request (1.1.5)
      addressable (>= 2.3.4)
      cookiejar (!= 0.3.1)
      em-socksify (>= 0.3)
      eventmachine (>= 1.0.3)
      http_parser.rb (>= 0.6.0)
    em-socksify (0.3.2)
      eventmachine (>= 1.0.0.beta.4)
    eventmachine (1.2.7)
    http-cookie (1.0.3)
      domain_name (~> 0.5)
    http_parser.rb (0.6.0)
    json (2.1.0)
    mime-types (3.2.2)
      mime-types-data (~> 3.2015)
    mime-types-data (3.2018.0812)
    naturalsort (1.2.0)
    net-ssh (5.1.0)
    netrc (0.11.0)
    public_suffix (3.0.3)
    rest-client (2.0.2)
      http-cookie (>= 1.0.2, < 2.0)
      mime-types (>= 1.16, < 4.0)
      netrc (~> 0.8)
    terminal-table (1.8.0)
      unicode-display_width (~> 1.1, >= 1.1.1)
    thor (0.20.3)
    unf (0.1.4)
      unf_ext
    unf_ext (0.0.7.5)
    unicode-display_width (1.4.1)
    xing-scripts (1.27.0)
      em-http-request
      eventmachine (~> 1.0)
      json
      naturalsort
      net-ssh
      rest-client
      terminal-table
      thor (>= 0.15.2)

PLATFORMS
  ruby

DEPENDENCIES
  xing-scripts!

BUNDLED WITH
   1.16.3
